GEM
  remote: https://rubygems.org/
  specs:
    archive-tar-minitar (0.5.2)
    docker-api (1.15.0)
      archive-tar-minitar
      excon (>= 0.38.0)
      json
    excon (0.41.0)
    json (1.8.1)

PLATFORMS
  ruby

DEPENDENCIES
  docker-api (= 1.15.0)
